GEM
  remote: http://rubygems.org/
  specs:
    activesupport (5.2.2)
      concurrent-ruby (~> 1.0, >= 1.0.2)
      i18n (>= 0.7, < 2)
      minitest (~> 5.1)
      tzinfo (~> 1.1)
    allure-rspec (0.8.0)
      allure-ruby-adaptor-api (= 0.7.0)
      rspec (~> 3.5)
    allure-ruby-adaptor-api (0.7.0)
      mimemagic
      nokogiri (~> 1.7)
      uuid
    appium_lib (9.14.3)
      appium_lib_core (~> 1.8.0)
      nokogiri (~> 1.8, >= 1.8.1)
      tomlrb (~> 1.1)
    appium_lib_core (1.8.3)
      faye-websocket (~> 0.10.0)
      selenium-webdriver (~> 3.5)
    childprocess (0.9.0)
      ffi (~> 1.0, >= 1.0.11)
    concurrent-ruby (1.1.3)
    config (1.7.0)
      activesupport (>= 3.0)
      deep_merge (~> 1.2.1)
      dry-validation (>= 0.10.4)
    deep_merge (1.2.1)
    diff-lcs (1.3)
    dotenv (2.5.0)
    dry-configurable (0.7.0)
      concurrent-ruby (~> 1.0)
    dry-container (0.6.0)
      concurrent-ruby (~> 1.0)
      dry-configurable (~> 0.1, >= 0.1.3)
    dry-core (0.4.7)
      concurrent-ruby (~> 1.0)
    dry-equalizer (0.2.1)
    dry-inflector (0.1.2)
    dry-logic (0.4.2)
      dry-container (~> 0.2, >= 0.2.6)
      dry-core (~> 0.2)
      dry-equalizer (~> 0.2)
    dry-types (0.13.3)
      concurrent-ruby (~> 1.0)
      dry-container (~> 0.3)
      dry-core (~> 0.4, >= 0.4.4)
      dry-equalizer (~> 0.2)
      dry-inflector (~> 0.1, >= 0.1.2)
      dry-logic (~> 0.4, >= 0.4.2)
    dry-validation (0.12.2)
      concurrent-ruby (~> 1.0)
      dry-configurable (~> 0.1, >= 0.1.3)
      dry-core (~> 0.2, >= 0.2.1)
      dry-equalizer (~> 0.2)
      dry-logic (~> 0.4, >= 0.4.0)
      dry-types (~> 0.13.1)
    eventmachine (1.2.7)
    faye-websocket (0.10.7)
      eventmachine (>= 0.12.0)
      websocket-driver (>= 0.5.1)
    ffi (1.9.25)
    i18n (1.1.1)
      concurrent-ruby (~> 1.0)
    macaddr (1.7.1)
      systemu (~> 2.6.2)
    mimemagic (0.3.2)
    mini_portile2 (2.3.0)
    minitest (5.11.3)
    nokogiri (1.8.4)
      mini_portile2 (~> 2.3.0)
    parallel (1.12.1)
    parallel_appium (0.2.6)
    parallel_tests (2.22.0)
      parallel
    rake (12.3.1)
    rspec (3.7.0)
      rspec-core (~> 3.7.0)
      rspec-expectations (~> 3.7.0)
      rspec-mocks (~> 3.7.0)
    rspec-core (3.7.1)
      rspec-support (~> 3.7.0)
    rspec-expectations (3.7.0)
      diff-lcs (>= 1.2.0, < 2.0)
      rspec-support (~> 3.7.0)
    rspec-mocks (3.7.0)
      diff-lcs (>= 1.2.0, < 2.0)
      rspec-support (~> 3.7.0)
    rspec-support (3.7.1)
    rspec_junit_formatter (0.4.1)
      rspec-core (>= 2, < 4, != 2.12.0)
    rubyzip (1.2.1)
    selenium-webdriver (3.13.1)
      childprocess (~> 0.5)
      rubyzip (~> 1.2)
    systemu (2.6.5)
    thread_safe (0.3.6)
    tomlrb (1.2.7)
    tzinfo (1.2.5)
      thread_safe (~> 0.1)
    uuid (2.3.9)
      macaddr (~> 1.0)
    websocket-driver (0.7.0)
      websocket-extensions (>= 0.1.0)
    websocket-extensions (0.1.3)

PLATFORMS
  ruby

DEPENDENCIES
  allure-rspec
  appium_lib
  config
  dotenv
  parallel_appium
  parallel_tests
  rake
  rspec
  rspec_junit_formatter

BUNDLED WITH
   1.16.6
